PATH
  remote: .
  specs:
    clean-this-dirty-string (0.0.3)

GEM
  remote: https://rubygems.org/
  specs:
    coderay (1.1.2)
    method_source (0.9.0)
    minitest (5.11.3)
    pry (0.11.3)
      coderay (~> 1.1.0)
      method_source (~> 0.9.0)

PLATFORMS
  ruby

DEPENDENCIES
  bundler
  clean-this-dirty-string!
  minitest
  pry

BUNDLED WITH
   1.16.2
